GEM
  remote: http://rubygems.org/
  specs:
    activemodel (3.2.8)
      activesupport (= 3.2.8)
      builder (~> 3.0.0)
    activerecord (3.2.8)
      activemodel (= 3.2.8)
      activesupport (= 3.2.8)
      arel (~> 3.0.2)
      tzinfo (~> 0.3.29)
    activesupport (3.2.8)
      i18n (~> 0.6)
      multi_json (~> 1.0)
    ansi (1.4.2)
    arel (3.0.2)
    builder (3.0.0)
    haml (3.1.4)
    i18n (0.6.0)
    json (1.5.4)
    mime-types (1.18)
    minitest (4.2.0)
    multi_json (1.3.2)
    mysql (2.8.1)
    rack (1.4.1)
    rack-protection (1.2.0)
      rack
    redgreen (1.2.2)
    rest-client (1.6.7)
      mime-types (>= 1.16)
    shotgun (0.9)
      rack (>= 1.0)
    simplecov (0.7.1)
      multi_json (~> 1.0)
      simplecov-html (~> 0.7.1)
    simplecov-html (0.7.1)
    sinatra (1.3.2)
      rack (~> 1.3, >= 1.3.6)
      rack-protection (~> 1.2)
      tilt (~> 1.3, >= 1.3.3)
    tilt (1.3.3)
    turn (0.9.4)
      ansi
    tzinfo (0.3.34)

PLATFORMS
  ruby

DEPENDENCIES
  activerecord (= 3.2.8)
  haml (= 3.1.4)
  json (= 1.5.4)
  minitest
  mysql
  rack (= 1.4.1)
  redgreen
  rest-client (= 1.6.7)
  shotgun
  simplecov (= 0.7.1)
  sinatra
  turn
